GEM
  remote: https://rubygems.org/
  specs:
    childprocess (0.5.3)
      ffi (~> 1.0, >= 1.0.11)
    ffi (1.12.2)
    rack (1.5.2)
    rack-legacy (1.0.0)
      childprocess
      rack
      rack-reverse-proxy
    rack-reverse-proxy (0.4.4)
      rack (>= 1.0.0)
    rack-rewrite (1.5.0)

PLATFORMS
  ruby

DEPENDENCIES
  rack (~> 1.5.2)
  rack-legacy (~> 1)
  rack-rewrite (~> 1.5.0)
